GEM
  remote: https://rubygems.org/
  specs:
    mustermann (1.0.0)
    puma (3.3.0)
    rack (2.0.2)
    rack-protection (2.0.0)
      rack
    ruby-kafka (0.3.17)
    sinatra (2.0.0)
      mustermann (~> 1.0)
      rack (~> 2.0)
      rack-protection (= 2.0.0)
      tilt (~> 2.0)
    tilt (2.0.7)

PLATFORMS
  ruby
  x86_64-darwin-16

DEPENDENCIES
  puma
  ruby-kafka
  sinatra

BUNDLED WITH
   1.14.6
