GEM
  remote: https://rubygems.org/
  specs:
    puma (3.3.0)
    rack (2.0.1)
    ruby-kafka (0.3.17)

PLATFORMS
  ruby
  x86_64-darwin-16

DEPENDENCIES
  puma
  rack
  ruby-kafka

BUNDLED WITH
   1.14.6
