GEM
  remote: https://rubygems.org/
  specs:
    redis (3.3.3)
    ruby-kafka (0.3.17)

PLATFORMS
  ruby
  x86_64-darwin-16

DEPENDENCIES
  redis
  ruby-kafka

BUNDLED WITH
   1.14.6
